PATH
  remote: .
  specs:
    branch-cleaner (0.1.0)

GEM
  remote: https://rubygems.org/
  specs:
    git (1.3.0)
    rake (10.5.0)

PLATFORMS
  ruby

DEPENDENCIES
  branch-cleaner!
  bundler (~> 1.16)
  git
  rake (~> 10.0)

BUNDLED WITH
   1.16.1
